PATH
  remote: .
  specs:
    cuke-irb (0.0.1)
      cucumber

GEM
  remote: http://rubygems.org/
  specs:
    builder (3.0.0)
    cucumber (1.0.1)
      builder (>= 2.1.2)
      diff-lcs (>= 1.1.2)
      gherkin (~> 2.4.5)
      json (>= 1.4.6)
      term-ansicolor (>= 1.0.5)
    diff-lcs (1.1.2)
    gherkin (2.4.5)
      json (>= 1.4.6)
    json (1.5.3)
    term-ansicolor (1.0.5)

PLATFORMS
  ruby

DEPENDENCIES
  cuke-irb!
